GIT
  remote: git://github.com/planningalerts-scrapers/atdisplanningalertsfeed.git
  revision: a7a7ce74969102dfae04f9c706eddf01d423fb05
  specs:
    atdisplanningalertsfeed (0.1.0)
      atdis (>= 0.4.1)
      scraperwiki-morph

GEM
  remote: https://rubygems.org/
  specs:
    activemodel (6.0.3.1)
      activesupport (= 6.0.3.1)
    activesupport (6.0.3.1)
      concurrent-ruby (~> 1.0, >= 1.0.2)
      i18n (>= 0.7, < 2)
      minitest (~> 5.1)
      tzinfo (~> 1.1)
      zeitwerk (~> 2.2, >= 2.2.2)
    addressable (2.6.0)
      public_suffix (>= 2.0.2, < 4.0)
    atdis (0.4.1)
      activemodel
      activesupport
      multi_json (~> 1.7)
      rest-client
      rgeo-geojson
    concurrent-ruby (1.1.6)
    crack (0.4.3)
      safe_yaml (~> 1.0.0)
    domain_name (0.5.20190701)
      unf (>= 0.0.5, < 1.0.0)
    hashdiff (0.4.0)
    http-accept (1.7.0)
    http-cookie (1.0.3)
      domain_name (~> 0.5)
    httpclient (2.8.3)
    i18n (1.8.2)
      concurrent-ruby (~> 1.0)
    mime-types (3.3.1)
      mime-types-data (~> 3.2015)
    mime-types-data (3.2020.0512)
    minitest (5.14.1)
    multi_json (1.14.1)
    netrc (0.11.0)
    public_suffix (3.1.0)
    rest-client (2.1.0)
      http-accept (>= 1.7.0, < 2.0)
      http-cookie (>= 1.0.2, < 2.0)
      mime-types (>= 1.16, < 4.0)
      netrc (~> 0.8)
    rgeo (2.1.1)
    rgeo-geojson (2.1.1)
      rgeo (>= 1.0.0)
    safe_yaml (1.0.5)
    scraperwiki (3.0.2)
      httpclient
      sqlite_magic
    scraperwiki-morph (0.1.1)
      scraperwiki
    sqlite3 (1.4.1)
    sqlite_magic (0.0.6)
      sqlite3
    thread_safe (0.3.6)
    timecop (0.9.1)
    tzinfo (1.2.7)
      thread_safe (~> 0.1)
    unf (0.1.4)
      unf_ext
    unf_ext (0.0.7.7)
    vcr (5.0.0)
    webmock (3.6.0)
      addressable (>= 2.3.6)
      crack (>= 0.3.2)
      hashdiff (>= 0.4.0, < 2.0.0)
    zeitwerk (2.3.0)

PLATFORMS
  ruby

DEPENDENCIES
  atdisplanningalertsfeed!
  timecop
  vcr
  webmock

BUNDLED WITH
   1.16.2
